PATH
  remote: .
  specs:
    happymapper (0.5.0)
      libxml-ruby (~> 2.9)

GEM
  remote: https://rubygems.org/
  specs:
    diff-lcs (1.3)
    libxml-ruby (2.9.0)
    rake (13.0.1)
    rspec (3.7.0)
      rspec-core (~> 3.7.0)
      rspec-expectations (~> 3.7.0)
      rspec-mocks (~> 3.7.0)
    rspec-core (3.7.1)
      rspec-support (~> 3.7.0)
    rspec-expectations (3.7.0)
      diff-lcs (>= 1.2.0, < 2.0)
      rspec-support (~> 3.7.0)
    rspec-mocks (3.7.0)
      diff-lcs (>= 1.2.0, < 2.0)
      rspec-support (~> 3.7.0)
    rspec-support (3.7.1)

PLATFORMS
  ruby

DEPENDENCIES
  happymapper!
  rake (~> 13.0.1)
  rspec (~> 3.7)

BUNDLED WITH
   1.16.1
