PATH
  remote: .
  specs:
    happymapper (0.4.1)
      libxml-ruby (~> 3.1)

GEM
  remote: https://rubygems.org/
  specs:
    libxml-ruby (3.1.0)
    rake (12.3.0)
    rspec (1.3.2)

PLATFORMS
  ruby

DEPENDENCIES
  happymapper!
  rake
  rspec (~> 1.3)

BUNDLED WITH
   1.16.1
